GEM
  remote: https://rubygems.org/
  specs:
    CFPropertyList (2.2.8)
    activemodel (4.2.0)
      activesupport (= 4.2.0)
      builder (~> 3.1)
    activesupport (4.2.0)
      i18n (~> 0.7)
      json (~> 1.7, >= 1.7.7)
      minitest (~> 5.1)
      thread_safe (~> 0.3, >= 0.3.4)
      tzinfo (~> 1.1)
    aws-sdk-core (2.0.21)
      builder (~> 3.0)
      jmespath (~> 1.0)
      multi_json (~> 1.0)
      multi_xml (~> 0.5)
    builder (3.2.2)
    deep_merge (1.0.1)
    diff-lcs (1.2.5)
    facter (2.4.0)
      CFPropertyList (~> 2.2.6)
    faraday (0.9.1)
      multipart-post (>= 1.2, < 3)
    her (0.7.3)
      activemodel (>= 3.0.0, <= 4.2)
      activesupport (>= 3.0.0, <= 4.2)
      faraday (>= 0.8, < 1.0)
      multi_json (~> 1.7)
    hiera (1.3.4)
      json_pure
    highline (1.6.21)
    i18n (0.7.0)
    jmespath (1.0.2)
      multi_json (~> 1.0)
    json (1.8.2)
    json_pure (1.8.2)
    librarian (0.1.2)
      highline
      thor (~> 0.15)
    librarian-puppet (2.0.1)
      librarian (>= 0.1.2)
      puppet_forge
      rsync
    metaclass (0.0.4)
    minitest (5.5.1)
    mocha (1.1.0)
      metaclass (~> 0.0.1)
    multi_json (1.10.1)
    multi_xml (0.5.5)
    multipart-post (2.0.0)
    net-ssh (2.9.2)
    open4 (1.3.4)
    puppet (3.7.4)
      facter (> 1.6, < 3)
      hiera (~> 1.0)
      json_pure
    puppet-lint (1.1.0)
    puppet_forge (1.0.4)
      her (~> 0.6)
    puppetlabs_spec_helper (0.4.1)
      mocha (>= 0.10.5)
      rake
      rspec (>= 2.9.0)
      rspec-puppet (>= 0.1.1)
    rake (10.3.2)
    rspec (3.1.0)
      rspec-core (~> 3.1.0)
      rspec-expectations (~> 3.1.0)
      rspec-mocks (~> 3.1.0)
    rspec-core (3.1.7)
      rspec-support (~> 3.1.0)
    rspec-expectations (3.1.2)
      diff-lcs (>= 1.2.0, < 2.0)
      rspec-support (~> 3.1.0)
    rspec-mocks (3.1.3)
      rspec-support (~> 3.1.0)
    rspec-puppet (1.0.1)
      rspec
    rspec-support (3.1.2)
    rsync (1.0.9)
    thor (0.19.1)
    thread_safe (0.3.4)
    tzinfo (1.2.2)
      thread_safe (~> 0.1)

PLATFORMS
  ruby

DEPENDENCIES
  aws-sdk-core (~> 2.0.11)
  deep_merge (~> 1.0)
  hiera (~> 1.3.3)
  librarian-puppet (~> 2.0.1)
  net-ssh
  open4 (~> 1.3.4)
  puppet (~> 3.7.1)
  puppet-lint (~> 1.1.0)
  puppetlabs_spec_helper (= 0.4.1)
  rake (= 10.3.2)
  rspec-puppet (= 1.0.1)
